GIT
  remote: https://github.com/ekylibre/agric.git
  revision: a8a729a76b1b5b27b2dbc0373c73077953a636dd
  branch: master
  specs:
    agric (4.1.0)
      railties (>= 3.2, < 6)
      sassc-rails (~> 2)

GIT
  remote: https://gitlab.com/ekylibre/active_list.git
  revision: 154e190c6bca181fd8162ba33417681b89b6a56b
  branch: master
  specs:
    active_list (8.1.0)
      arel (>= 5.0.0)
      code_string (>= 0.0.1)
      i18n-complements
      onoma (~> 0.4)
      rails (>= 3.2, < 6)
      rodf (~> 1.1)
      rubyzip (>= 1.0)

GIT
  remote: https://gitlab.com/ekylibre/eky-possibly.git
  revision: 483d102852e2ab8fcbf695b9e25a40902302a593
  tag: v3.1.1
  specs:
    possibly (3.1.1)

GIT
  remote: https://gitlab.com/ekylibre/odf-report.git
  revision: 63260ddb32e24a3e4dbadeaf5c406ac8912dbec3
  tag: v0.6.0-2
  specs:
    odf-report (0.6.0)
      fastimage (~> 2.1)
      nokogiri (>= 1.5.0)
      rubyzip (~> 1.2.0)

GIT
  remote: https://gitlab.com/ekylibre/xsd_errors_parser.git
  revision: 28b3c703463642ca52194038294bddabefc1fee3
  branch: master
  specs:
    xml_errors_parser (0.0.3)
      i18n

GEM
  remote: https://rubygems.org/
  specs:
    Ascii85 (1.1.0)
    actioncable (5.0.7.2)
      actionpack (= 5.0.7.2)
      nio4r (>= 1.2, < 3.0)
      websocket-driver (~> 0.6.1)
    actionmailer (5.0.7.2)
      actionpack (= 5.0.7.2)
      actionview (= 5.0.7.2)
      activejob (= 5.0.7.2)
      mail (~> 2.5, >= 2.5.4)
      rails-dom-testing (~> 2.0)
    actionpack (5.0.7.2)
      actionview (= 5.0.7.2)
      activesupport (= 5.0.7.2)
      rack (~> 2.0)
      rack-test (~> 0.6.3)
      rails-dom-testing (~> 2.0)
      rails-html-sanitizer (~> 1.0, >= 1.0.2)
    actionpack-xml_parser (2.0.1)
      actionpack (>= 5.0)
      railties (>= 5.0)
    actionview (5.0.7.2)
      activesupport (= 5.0.7.2)
      builder (~> 3.1)
      erubis (~> 2.7.0)
      rails-dom-testing (~> 2.0)
      rails-html-sanitizer (~> 1.0, >= 1.0.3)
    activejob (5.0.7.2)
      activesupport (= 5.0.7.2)
      globalid (>= 0.3.6)
    activemodel (5.0.7.2)
      activesupport (= 5.0.7.2)
    activemodel-serializers-xml (1.0.2)
      activemodel (> 5.x)
      activesupport (> 5.x)
      builder (~> 3.1)
    activerecord (5.0.7.2)
      activemodel (= 5.0.7.2)
      activesupport (= 5.0.7.2)
      arel (~> 7.0)
    activerecord-postgis-adapter (4.1.2)
      activerecord (~> 5.0.0)
      rgeo-activerecord (~> 6.0)
    activesupport (5.0.7.2)
      concurrent-ruby (~> 1.0, >= 1.0.2)
      i18n (>= 0.7, < 2)
      minitest (~> 5.1)
      tzinfo (~> 1.1)
    acts_as_list (1.0.3)
      activerecord (>= 4.2)
    addressable (2.7.0)
      public_suffix (>= 2.0.2, < 5.0)
    afm (0.2.2)
    akami (1.3.1)
      gyoku (>= 0.4.0)
      nokogiri
    ansi (1.5.0)
    apartment (2.2.1)
      activerecord (>= 3.1.2, < 6.0)
      parallel (>= 0.7.1)
      public_suffix (>= 2)
      rack (>= 1.3.6)
    apartment-sidekiq (1.2.0)
      apartment (>= 1.0)
      sidekiq (>= 2.11)
    arel (7.1.4)
    ast (2.4.2)
    autoprefixer-rails (10.2.4.0)
      execjs
    awesome_nested_set (3.1.4)
      activerecord (>= 4.0.0, < 5.3)
    bcrypt (3.1.16)
    beardley (1.4.2)
      rjb (>= 1.4.8)
      rjb-loader (>= 0.0.2)
    beardley-barcode (1.0.1)
      beardley
    beardley-batik (1.0.1)
      beardley
    beardley-charts (0.0.1)
      beardley
    beardley-groovy (2.0.1)
      beardley
    beardley-open_sans (0.1.0)
      beardley
    beardley-xml (1.1.2)
      beardley
    better_errors (2.9.1)
      coderay (>= 1.0.0)
      erubi (>= 1.0.0)
      rack (>= 0.9.0)
    bindex (0.8.1)
    binding_of_caller (1.0.0)
      debug_inspector (>= 0.0.1)
    bootstrap-sass (3.4.1)
      autoprefixer-rails (>= 5.2.1)
      sassc (>= 2.0.0)
    bootstrap-slider-rails (9.8.0)
      railties (>= 3.2, < 6.0)
    browser (5.3.1)
    builder (3.2.4)
    bullet (5.5.1)
      activesupport (>= 3.0.0)
      uniform_notifier (~> 1.10.0)
    burisu-docsplit (0.7.9)
    byebug (11.1.3)
    charlock_holmes (0.7.7)
    charta (0.3.1)
      activesupport (~> 5.0)
      json (>= 1.8.0)
      nokogiri (>= 1.7.0)
      rgeo (~> 2.0)
      rgeo-geojson (~> 2.0)
      rgeo-proj4 (~> 2.0)
      zeitwerk (~> 2.4.0)
    climate_control (0.2.0)
    cocoon (1.2.15)
    code_analyzer (0.5.2)
      sexp_processor
    code_string (0.0.2)
    coderay (1.1.3)
    coffee-rails (4.2.2)
      coffee-script (>= 2.2.0)
      railties (>= 4.0.0)
    coffee-script (2.4.1)
      coffee-script-source
      execjs
    coffee-script-source (1.12.2)
    colored (1.2)
    combine_pdf (1.0.21)
      ruby-rc4 (>= 0.1.5)
    concurrent-ruby (1.1.9)
    connection_pool (2.2.5)
    crass (1.0.6)
    daemons (1.3.1)
    database_cleaner (1.99.0)
    dbf (4.1.3)
    debug_inspector (1.0.0)
    deep_cloneable (2.2.2)
      activerecord (>= 3.1.0, < 5.2.0)
    devise (4.7.3)
      bcrypt (~> 3.0)
      orm_adapter (~> 0.1)
      railties (>= 4.1.0)
      responders
      warden (~> 1.2.3)
    devise-i18n-views (0.3.7)
    devise_invitable (2.0.3)
      actionmailer (>= 5.0)
      devise (>= 4.6)
    domain_name (0.5.20190701)
      unf (>= 0.0.5, < 1.0.0)
    dotenv (2.7.6)
    draper (3.1.0)
      actionpack (>= 5.0)
      activemodel (>= 5.0)
      activemodel-serializers-xml (>= 1.0)
      activesupport (>= 5.0)
      request_store (>= 1.0)
    dry-inflector (0.2.0)
    ekylibre-ofx-parser (1.2.2)
      hpricot (>= 0.6)
    elastic-apm (3.4.0)
      concurrent-ruby (~> 1.0)
      http (>= 3.0)
    enumerize (2.4.0)
      activesupport (>= 3.2)
    erubi (1.10.0)
    erubis (2.7.0)
    et-orbi (1.2.4)
      tzinfo
    eventmachine (1.2.7)
    exception_notification (4.4.3)
      actionmailer (>= 4.0, < 7)
      activesupport (>= 4.0, < 7)
    execjs (2.7.0)
    factory_bot (4.11.1)
      activesupport (>= 3.0.0)
    faraday (1.3.0)
      faraday-net_http (~> 1.0)
      multipart-post (>= 1.2, < 3)
      ruby2_keywords
    faraday-net_http (1.0.1)
    fastimage (2.2.3)
    ffaker (2.18.0)
    ffi (1.15.3)
    fiddle (1.0.7)
    font-awesome-sass (5.15.1)
      sassc (>= 1.11)
    formize (2.1.0)
      jquery-rails (>= 3)
      jquery-ui-rails (>= 5)
      rails (>= 3.2)
    fugit (1.4.2)
      et-orbi (~> 1.1, >= 1.1.8)
      raabro (~> 1.4)
    geocoder (1.6.5)
    git (1.8.1)
      rchardet (~> 1.8)
    globalid (0.4.2)
      activesupport (>= 4.2.0)
    gpgme (2.0.20)
      mini_portile2 (~> 2.3)
    gyoku (1.3.1)
      builder (>= 2.1.2)
    haml (5.2.1)
      temple (>= 0.8.0)
      tilt
    hashery (2.1.2)
    hashie (4.1.0)
    holidays (8.4.1)
    hpricot (0.8.6)
    http (4.1.1)
      addressable (~> 2.3)
      http-cookie (~> 1.0)
      http-form_data (~> 2.0)
      http_parser.rb (~> 0.6.0)
    http-cookie (1.0.3)
      domain_name (~> 0.5)
    http-form_data (2.3.0)
    http_accept_language (2.1.1)
    http_parser.rb (0.6.0)
    httpi (2.4.5)
      rack
      socksify
    humanize (2.5.1)
    i18n (1.8.10)
      concurrent-ruby (~> 1.0)
    i18n-complements (1.1.1)
      i18n (>= 0.6)
    i18n-js (3.8.1)
      i18n (>= 0.6.6)
    iban-tools (1.1.0)
    io-console (0.5.8)
    irb (1.3.4)
      reline (>= 0.1.5)
    jbuilder (2.11.2)
      activesupport (>= 5.0.0)
    jquery-rails (4.4.0)
      rails-dom-testing (>= 1, < 3)
      railties (>= 4.2.0)
      thor (>= 0.14, < 2.0)
    jquery-turbolinks (2.1.0)
      railties (>= 3.1.0)
      turbolinks
    jquery-ui-rails (6.0.1)
      railties (>= 3.2.16)
    json (2.1.0)
    jwt (2.2.3)
    kaminari (1.1.1)
      activesupport (>= 4.1.0)
      kaminari-actionview (= 1.1.1)
      kaminari-activerecord (= 1.1.1)
      kaminari-core (= 1.1.1)
    kaminari-actionview (1.1.1)
      actionview
      kaminari-core (= 1.1.1)
    kaminari-activerecord (1.1.1)
      activerecord
      kaminari-core (= 1.1.1)
    kaminari-core (1.1.1)
    kgio (2.11.3)
    launchy (2.5.0)
      addressable (~> 2.7)
    letter_opener (1.7.0)
      launchy (~> 2.2)
    libv8 (3.16.14.19)
    loofah (2.10.0)
      crass (~> 1.0.2)
      nokogiri (>= 1.5.9)
    luhn (1.0.2)
    mail (2.7.1)
      mini_mime (>= 0.1.1)
    mechanize (2.7.7)
      domain_name (~> 0.5, >= 0.5.1)
      http-cookie (~> 1.0)
      mime-types (>= 1.17.2)
      net-http-digest_auth (~> 1.1, >= 1.1.1)
      net-http-persistent (>= 2.5.2)
      nokogiri (~> 1.6)
      ntlm-http (~> 0.1, >= 0.1.1)
      webrick (~> 1.7)
      webrobots (>= 0.0.9, < 0.2)
    method_source (0.9.2)
    mime-types (3.3.1)
      mime-types-data (~> 3.2015)
    mime-types-data (3.2021.0225)
    mimemagic (0.3.9)
      nokogiri (~> 1)
      rake
    mini_mime (1.1.0)
    mini_portile2 (2.5.3)
    minitest (5.14.4)
    minitest-reporters (1.4.3)
      ansi
      builder
      minitest (>= 5.0)
      ruby-progressbar
    momentjs-rails (2.20.1)
      railties (>= 3.1)
    multi_json (1.15.0)
    multi_xml (0.6.0)
    multipart-post (2.1.1)
    net-http-digest_auth (1.4.1)
    net-http-persistent (4.0.1)
      connection_pool (~> 2.2)
    netrc (0.11.0)
    nio4r (2.5.7)
    nokogiri (1.11.7)
      mini_portile2 (~> 2.5.0)
      racc (~> 1.4)
    nori (2.6.0)
    ntlm-http (0.1.1)
    oauth2 (1.4.4)
      faraday (>= 0.8, < 2.0)
      jwt (>= 1.0, < 3.0)
      multi_json (~> 1.3)
      multi_xml (~> 0.5)
      rack (>= 1.2, < 3)
    omniauth (1.9.1)
      hashie (>= 3.4.6)
      rack (>= 1.6.2, < 3)
    omniauth-oauth2 (1.7.1)
      oauth2 (~> 1.4)
      omniauth (>= 1.9, < 3)
    onoma (0.5.6)
      activesupport (>= 4.2)
      nokogiri (>= 1.10.4)
      zeitwerk (~> 2.4.0)
    orm_adapter (0.5.0)
    paperclip (5.3.0)
      activemodel (>= 4.2.0)
      activesupport (>= 4.2.0)
      mime-types
      mimemagic (~> 0.3.0)
      terrapin (~> 0.6.0)
    paperclip-document (0.0.11)
      burisu-docsplit (>= 0.7.9)
      paperclip (>= 3.1, < 6.0)
    parallel (1.20.1)
    paranoia (2.4.3)
      activerecord (>= 4.0, < 6.2)
    parser (3.0.0.0)
      ast (~> 2.4.1)
    pdf-core (0.9.0)
    pdf-reader (2.4.2)
      Ascii85 (~> 1.0)
      afm (~> 0.2.1)
      hashery (~> 2.0)
      ruby-rc4
      ttfunk
    pg (1.2.3)
    polyglot (0.3.5)
    prawn (2.4.0)
      pdf-core (~> 0.9.0)
      ttfunk (~> 1.7)
    pry (0.12.2)
      coderay (~> 1.1.0)
      method_source (~> 0.9.0)
    pry-byebug (3.8.0)
      byebug (~> 11.0)
      pry (~> 0.10)
    pry-rails (0.3.9)
      pry (>= 0.10.4)
    public_suffix (4.0.6)
    quandl (1.1.0)
      activesupport (>= 4.2.8)
      json (~> 2.1.0)
      rest-client (~> 2.0.2)
    raabro (1.4.0)
    racc (1.5.2)
    rack (2.2.3)
    rack-accept (0.4.5)
      rack (>= 0.4)
    rack-protection (2.1.0)
      rack
    rack-proxy (0.6.5)
      rack
    rack-test (0.6.3)
      rack (>= 1.0)
    rails (5.0.7.2)
      actioncable (= 5.0.7.2)
      actionmailer (= 5.0.7.2)
      actionpack (= 5.0.7.2)
      actionview (= 5.0.7.2)
      activejob (= 5.0.7.2)
      activemodel (= 5.0.7.2)
      activerecord (= 5.0.7.2)
      activesupport (= 5.0.7.2)
      bundler (>= 1.3.0)
      railties (= 5.0.7.2)
      sprockets-rails (>= 2.0.0)
    rails-controller-testing (1.0.5)
      actionpack (>= 5.0.1.rc1)
      actionview (>= 5.0.1.rc1)
      activesupport (>= 5.0.1.rc1)
    rails-dom-testing (2.0.3)
      activesupport (>= 4.2.0)
      nokogiri (>= 1.6)
    rails-html-sanitizer (1.3.0)
      loofah (~> 2.3)
    rails_best_practices (1.20.0)
      activesupport
      code_analyzer (>= 0.5.1)
      erubis
      i18n
      json
      require_all (~> 3.0)
      ruby-progressbar
    railties (5.0.7.2)
      actionpack (= 5.0.7.2)
      activesupport (= 5.0.7.2)
      method_source
      rake (>= 0.8.7)
      thor (>= 0.18.1, < 2.0)
    rainbow (3.0.0)
    raindrops (0.19.1)
    rake (12.3.3)
    rchardet (1.8.0)
    redis (3.3.5)
    redis-namespace (1.8.1)
      redis (>= 3.0.4)
    ref (2.0.0)
    regexp_parser (2.1.1)
    reline (0.2.4)
      io-console (~> 0.5)
    remotipart (1.4.4)
    request_store (1.5.0)
      rack (>= 1.4)
    require_all (3.0.0)
    responders (3.0.1)
      actionpack (>= 5.0)
      railties (>= 5.0)
    rest-client (2.0.2)
      http-cookie (>= 1.0.2, < 2.0)
      mime-types (>= 1.16, < 4.0)
      netrc (~> 0.8)
    rexml (3.2.5)
    rgeo (2.2.0)
    rgeo-activerecord (6.2.2)
      activerecord (>= 5.0)
      rgeo (>= 1.0.0)
    rgeo-geojson (2.1.1)
      rgeo (>= 1.0.0)
    rgeo-proj4 (2.0.1)
      rgeo (~> 2.0)
    rgeo-shapefile (3.0.0)
      dbf (~> 4.0)
      rgeo (>= 1.0)
    rjb (1.6.2)
    rjb-loader (0.0.2)
      rails (>= 3.2)
      rjb (>= 1.4.8)
    rodf (1.1.1)
      builder (>= 3.0)
      dry-inflector (~> 0.1)
      rubyzip (>= 1.0)
    roo (2.8.2)
      nokogiri (~> 1)
      rubyzip (>= 1.2.1, < 2.0.0)
    rubocop (1.11.0)
      parallel (~> 1.10)
      parser (>= 3.0.0.0)
      rainbow (>= 2.2.2, < 4.0)
      regexp_parser (>= 1.8, < 3.0)
      rexml
      rubocop-ast (>= 1.2.0, < 2.0)
      ruby-progressbar (~> 1.7)
      unicode-display_width (>= 1.4.0, < 3.0)
    rubocop-ast (1.4.1)
      parser (>= 2.7.1.5)
    ruby-prof (1.4.3)
    ruby-progressbar (1.11.0)
    ruby-rc4 (0.1.5)
    ruby2_keywords (0.0.4)
    rubyntlm (0.6.3)
    rubyzip (1.2.4)
    sassc (2.4.0)
      ffi (~> 1.9)
    sassc-rails (2.1.2)
      railties (>= 4.0.0)
      sassc (>= 2.0)
      sprockets (> 3.0)
      sprockets-rails
      tilt
    savon (2.12.1)
      akami (~> 1.2)
      builder (>= 2.1.2)
      gyoku (~> 1.2)
      httpi (~> 2.3)
      nokogiri (>= 1.8.1)
      nori (~> 2.4)
      wasabi (~> 3.4)
    semantic (1.6.1)
    sepa_king (0.12.0)
      activemodel (>= 3.1)
      iban-tools
      nokogiri
    sexp_processor (4.15.2)
    shoulda-context (2.0.0)
    sidekiq (4.2.10)
      concurrent-ruby (~> 1.0)
      connection_pool (~> 2.2, >= 2.2.0)
      rack-protection (>= 1.5.0)
      redis (~> 3.2, >= 3.2.1)
    sidekiq-cron (1.2.0)
      fugit (~> 1.1)
      sidekiq (>= 4.2.1)
    sidekiq-unique-jobs (4.0.18)
      sidekiq (>= 2.6)
      thor
    simple_calendar (2.4.1)
      rails (>= 3.0)
    simple_form (3.5.1)
      actionpack (> 4, < 5.2)
      activemodel (> 4, < 5.2)
    socksify (1.7.1)
    sprockets (3.7.2)
      concurrent-ruby (~> 1.0)
      rack (> 1, < 3)
    sprockets-rails (3.2.2)
      actionpack (>= 4.0)
      activesupport (>= 4.0)
      sprockets (>= 3.0.0)
    state_machine (1.2.0)
    temple (0.8.2)
    terrapin (0.6.0)
      climate_control (>= 0.0.3, < 1.0)
    therubyracer (0.12.3)
      libv8 (~> 3.16.14.15)
      ref
    thin (1.8.0)
      daemons (~> 1.0, >= 1.0.9)
      eventmachine (~> 1.0, >= 1.0.4)
      rack (>= 1, < 3)
    thor (1.1.0)
    thread_safe (0.3.6)
    tilt (2.0.10)
    time_diff (0.3.0)
      activesupport
      i18n
    timecop (0.9.4)
    timeliness (0.4.4)
    treetop (1.6.11)
      polyglot (~> 0.3)
    ttfunk (1.7.0)
    turbolinks (2.5.4)
      coffee-rails
    turnout (2.5.0)
      i18n (>= 0.7, < 2)
      rack (>= 1.3, < 3)
      rack-accept (~> 0.4)
      tilt (>= 1.4, < 3)
    twitter-typeahead-rails (0.11.1)
      actionpack (>= 3.1)
      jquery-rails
      railties (>= 3.1)
    tzinfo (1.2.9)
      thread_safe (~> 0.1)
    uglifier (4.2.0)
      execjs (>= 0.3.0, < 3)
    unf (0.1.4)
      unf_ext
    unf_ext (0.0.7.7)
    unicode-display_width (2.0.0)
    unicorn (5.8.0)
      kgio (~> 2.6)
      raindrops (~> 0.7)
    uniform_notifier (1.10.0)
    uuidtools (2.2.0)
    validates_timeliness (4.1.1)
      timeliness (>= 0.3.10, < 1)
    wannabe_bool (0.7.1)
    warden (1.2.9)
      rack (>= 2.0.9)
    wasabi (3.6.1)
      addressable
      httpi (~> 2.0)
      nokogiri (>= 1.4.2)
    web-console (3.7.0)
      actionview (>= 5.0)
      activemodel (>= 5.0)
      bindex (>= 0.4.0)
      railties (>= 5.0)
    webpacker (4.3.0)
      activesupport (>= 4.2)
      rack-proxy (>= 0.6.1)
      railties (>= 4.2)
    webrick (1.7.0)
    webrobots (0.1.2)
    websocket-driver (0.6.5)
      websocket-extensions (>= 0.1.0)
    websocket-extensions (0.1.5)
    wice_grid (4.1.0)
      coffee-rails (> 3.2)
      kaminari (~> 1.1.0)
      rails (~> 5.0, < 5.3)
    yard (0.9.26)
    zeitwerk (2.4.2)

PLATFORMS
  ruby

DEPENDENCIES
  actionpack-xml_parser (~> 2.0)
  active_list!
  activemodel-serializers-xml (~> 1.0)
  activerecord-postgis-adapter (~> 4.1)
  acts_as_list (~> 1.0)
  agric!
  apartment (~> 2.2.1)
  apartment-sidekiq (~> 1.2)
  awesome_nested_set (~> 3.1.1)
  beardley (~> 1.3)
  beardley-barcode (>= 1.0.1)
  beardley-batik (>= 1.0.1)
  beardley-charts (>= 0.0.1)
  beardley-groovy (>= 2.0.1)
  beardley-open_sans (>= 0.0.2)
  beardley-xml (>= 1.1.2)
  better_errors (~> 2.9)
  binding_of_caller (~> 1.0)
  bootstrap-sass (~> 3.4.1)
  bootstrap-slider-rails (~> 9.8)
  browser (~> 5.2)
  bullet (< 5.6.0)
  charlock_holmes (~> 0.7.7)
  charta (~> 0.3.0)
  cocoon (~> 1.2)
  code_string (~> 0.0.1)
  coffee-rails (~> 4.1)
  colored
  combine_pdf (~> 1.0)
  database_cleaner (~> 1.8)
  deep_cloneable (~> 2.2.1)
  devise (~> 4.7)
  devise-i18n-views (~> 0.3.7)
  devise_invitable (~> 2.0)
  dotenv (~> 2.7)
  draper (~> 3.0)
  ekylibre-ofx-parser (~> 1.2)
  elastic-apm (~> 3.4.0)
  enumerize (~> 2.4)
  exception_notification (~> 4.4)
  factory_bot (< 5)
  ffaker (~> 2.0)
  fiddle
  font-awesome-sass (~> 5.15)
  formize (~> 2.1.0)
  geocoder (~> 1.6)
  git (~> 1.8)
  gpgme (~> 2.0)
  haml (~> 5.2)
  holidays
  http_accept_language (~> 2.1)
  humanize (~> 2.5)
  i18n-complements (>= 0.0.14)
  i18n-js (~> 3.8)
  irb (~> 1.3)
  jbuilder (~> 2.0)
  jquery-rails (~> 4.4)
  jquery-turbolinks (~> 2.1)
  jquery-ui-rails (~> 6.0)
  kaminari (~> 1.1)
  letter_opener (~> 1.7)
  luhn (~> 1.0)
  mechanize (~> 2.7)
  mimemagic (~> 0.3.5)
  minitest (~> 5.14)
  minitest-reporters (~> 1.4)
  momentjs-rails (>= 2.9.0)
  nokogiri (~> 1.8)
  odf-report!
  omniauth (~> 1.9)
  omniauth-oauth2 (~> 1.7)
  onoma (~> 0.5.6)
  paperclip (~> 5.3)
  paperclip-document (~> 0.0.11)
  paranoia (~> 2.2)
  pdf-reader (~> 2.4)
  pg (~> 1.0)
  possibly!
  prawn (~> 2.4)
  pry (~> 0.12.0)
  pry-byebug (~> 3.8)
  pry-rails (~> 0.3.9)
  quandl (~> 1.1)
  rails (= 5.0.7.2)
  rails-controller-testing (~> 1.0)
  rails_best_practices (~> 1.20)
  rake (~> 12.0)
  redis-namespace (~> 1.8)
  remotipart (~> 1.2)
  rest-client (~> 2.0)
  rgeo (~> 2.2)
  rgeo-geojson (~> 2.1)
  rgeo-shapefile (~> 3.0)
  rjb (= 1.6.2)
  rodf (~> 1.0)
  roo (~> 2.8)
  rubocop (~> 1.11.0)
  ruby-prof (~> 1.4)
  rubyntlm (>= 0.3.2)
  rubyzip (~> 1.2.2)
  sassc-rails (~> 2.0)
  savon (~> 2.12)
  semantic (~> 1.6)
  sepa_king (~> 0.12.0)
  shoulda-context (~> 2.0)
  sidekiq (~> 4.0)
  sidekiq-cron (~> 1.1)
  sidekiq-unique-jobs (~> 4.0)
  simple_calendar (~> 2.4.0)
  simple_form (~> 3.4)
  sprockets (< 4.0)
  state_machine (~> 1.2)
  therubyracer
  thin (~> 1.8)
  time_diff (~> 0.3.0)
  timecop (~> 0.9.0)
  treetop (~> 1.6)
  turbolinks (~> 2.0)
  turnout (~> 2.5)
  twitter-typeahead-rails (~> 0.11.1)
  uglifier (>= 1.3.0)
  unicorn (~> 5.8)
  uuidtools (~> 2.2)
  validates_timeliness (~> 4)
  wannabe_bool (~> 0.7.1)
  web-console (~> 3.0)
  webpacker (~> 4.x)
  wice_grid (~> 4.0)
  xml_errors_parser!
  yard (~> 0.9.26)

RUBY VERSION
   ruby 2.6.6p146

BUNDLED WITH
   1.17.3
